PATH
  remote: .
  specs:
    gcra (2.0.1)
      redis-client (~> 0.14)

GEM
  remote: https://rubygems.org/
  specs:
    connection_pool (2.4.1)
    diff-lcs (1.5.1)
    redis-client (0.21.0)
      connection_pool
    rspec (3.13.0)
      rspec-core (~> 3.13.0)
      rspec-expectations (~> 3.13.0)
      rspec-mocks (~> 3.13.0)
    rspec-core (3.13.0)
      rspec-support (~> 3.13.0)
    rspec-expectations (3.13.0)
      diff-lcs (>= 1.2.0, < 2.0)
      rspec-support (~> 3.13.0)
    rspec-mocks (3.13.0)
      diff-lcs (>= 1.2.0, < 2.0)
      rspec-support (~> 3.13.0)
    rspec-support (3.13.1)

PLATFORMS
  ruby

DEPENDENCIES
  gcra!
  rspec (~> 3.5)

BUNDLED WITH
   2.5.6
